GIT
  remote: git://github.com/zencephalon/engtagger.git
  revision: 2f2673e40c4908df68423bca835bc413f7b2e2cc
  specs:
    engtagger (0.1.2)

GEM
  remote: https://rubygems.org/
  specs:
    cinch (2.0.4)

PLATFORMS
  ruby

DEPENDENCIES
  cinch
  engtagger!
